GEM
  remote: https://rubygems.org/
  specs:
    addressable (2.7.0)
      public_suffix (>= 2.0.2, < 5.0)
    aws-sdk (2.10.129)
      aws-sdk-resources (= 2.10.129)
    aws-sdk-core (2.10.129)
      aws-sigv4 (~> 1.0)
      jmespath (~> 1.0)
    aws-sdk-resources (2.10.129)
      aws-sdk-core (= 2.10.129)
    aws-sigv4 (1.0.2)
    bcrypt_pbkdf (1.1.0)
    berkshelf (7.0.10)
      chef (>= 13.6.52)
      chef-config
      cleanroom (~> 1.0)
      concurrent-ruby (~> 1.0)
      minitar (>= 0.6)
      mixlib-archive (>= 0.4, < 2.0)
      mixlib-config (>= 2.2.5)
      mixlib-shellout (>= 2.0, < 4.0)
      octokit (~> 4.0)
      retryable (>= 2.0, < 4.0)
      solve (~> 4.0)
      thor (>= 0.20)
    builder (3.2.4)
    chef (15.2.20)
      addressable
      bcrypt_pbkdf (~> 1.0)
      bundler (>= 1.10)
      chef-config (= 15.2.20)
      chef-zero (>= 14.0.11)
      diff-lcs (~> 1.2, >= 1.2.4)
      ed25519 (~> 1.2)
      erubis (~> 2.7)
      ffi (~> 1.9, >= 1.9.25)
      ffi-libarchive
      ffi-yajl (~> 2.2)
      highline (>= 1.6.9, < 2)
      iniparse (~> 1.4)
      license-acceptance (~> 1.0, >= 1.0.5)
      mixlib-archive (>= 0.4, < 2.0)
      mixlib-authentication (~> 2.1)
      mixlib-cli (>= 2.1.1, < 3.0)
      mixlib-log (>= 2.0.3, < 4.0)
      mixlib-shellout (>= 2.4, < 4.0)
      net-sftp (~> 2.1, >= 2.1.2)
      net-ssh (>= 4.2, < 6)
      net-ssh-multi (~> 1.2, >= 1.2.1)
      ohai (~> 15.0)
      plist (~> 3.2)
      proxifier (~> 1.0)
      syslog-logger (~> 1.6)
      train-core (~> 2.0, >= 2.0.12)
      tty-screen (~> 0.6)
      uuidtools (~> 2.1.5)
    chef-cli (4.0.1)
      addressable (>= 2.3.5, < 2.8)
      chef (>= 15.0)
      cookbook-omnifetch (~> 0.5)
      diff-lcs (>= 1.0, < 1.4)
      ffi-yajl (>= 1.0, < 3.0)
      license-acceptance (>= 1.0.11, < 3)
      minitar (~> 0.6)
      mixlib-cli (>= 1.7, < 3.0)
      mixlib-shellout (>= 2.0, < 4.0)
      pastel (~> 0.7)
      solve (> 2.0, < 5.0)
    chef-config (15.2.20)
      addressable
      fuzzyurl
      mixlib-config (>= 2.2.12, < 4.0)
      mixlib-shellout (>= 2.0, < 4.0)
      tomlrb (~> 1.2)
    chef-zero (14.0.17)
      ffi-yajl (~> 2.2)
      hashie (>= 2.0, < 4.0)
      mixlib-log (>= 2.0, < 4.0)
      rack (~> 2.0, >= 2.0.6)
      uuidtools (~> 2.1)
    chefspec (9.3.3)
      chef (>= 15)
      chef-cli
      fauxhai-ng (>= 7.5)
      rspec (~> 3.0)
    cleanroom (1.0.0)
    coderay (1.1.2)
    concurrent-ruby (1.1.10)
    cookbook-omnifetch (0.12.2)
      mixlib-archive (>= 0.4, < 2.0)
    diff-lcs (1.3)
    docker-api (1.34.0)
      excon (>= 0.47.0)
      multi_json
    ed25519 (1.3.0)
    erubi (1.10.0)
    erubis (2.7.0)
    excon (0.60.0)
    faraday (1.10.0)
      faraday-em_http (~> 1.0)
      faraday-em_synchrony (~> 1.0)
      faraday-excon (~> 1.1)
      faraday-httpclient (~> 1.0)
      faraday-multipart (~> 1.0)
      faraday-net_http (~> 1.0)
      faraday-net_http_persistent (~> 1.0)
      faraday-patron (~> 1.0)
      faraday-rack (~> 1.0)
      faraday-retry (~> 1.0)
      ruby2_keywords (>= 0.0.4)
    faraday-em_http (1.0.0)
    faraday-em_synchrony (1.0.0)
    faraday-excon (1.1.0)
    faraday-httpclient (1.0.1)
    faraday-multipart (1.0.3)
      multipart-post (>= 1.2, < 3)
    faraday-net_http (1.0.1)
    faraday-net_http_persistent (1.2.0)
    faraday-patron (1.0.0)
    faraday-rack (1.0.0)
    faraday-retry (1.0.3)
    fauxhai-ng (9.3.0)
      net-ssh
    ffi (1.15.5)
    ffi-libarchive (1.1.3)
      ffi (~> 1.0)
    ffi-yajl (2.4.0)
      libyajl2 (>= 1.2)
    fuzzyurl (0.9.0)
    gssapi (1.3.1)
      ffi (>= 1.0.1)
    gyoku (1.4.0)
      builder (>= 2.1.2)
      rexml (~> 3.0)
    hashie (3.6.0)
    highline (1.7.10)
    htmlentities (4.3.4)
    httpclient (2.8.3)
    iniparse (1.5.0)
    inspec (1.51.18)
      addressable (~> 2.4)
      faraday (>= 0.9.0)
      hashie (~> 3.4)
      htmlentities
      json (>= 1.8, < 3.0)
      method_source (~> 0.8)
      mixlib-log
      parallel (~> 1.9)
      parslet (~> 1.5)
      pry (~> 0)
      rspec (~> 3)
      rspec-its (~> 1.2)
      rubyzip (~> 1.1)
      semverse
      sslshake (~> 1.2)
      thor (~> 0.19)
      tomlrb (~> 1.2)
      train (~> 0.32)
    ipaddress (0.8.3)
    jmespath (1.3.1)
    json (2.6.2)
    kitchen-docker (2.6.0)
      test-kitchen (>= 1.0.0)
    kitchen-dokken (2.6.6)
      docker-api (~> 1.33)
      lockfile (~> 2.1)
      test-kitchen (~> 1.15)
    kitchen-ec2 (2.2.1)
      aws-sdk (~> 2)
      excon
      multi_json
      retryable (~> 2.0)
      test-kitchen (~> 1.4, >= 1.4.1)
    kitchen-inspec (0.22.0)
      hashie (~> 3.4)
      inspec (>= 0.34.0, < 2.0.0)
      test-kitchen (~> 1.6)
    kitchen-sync (2.2.0)
      net-sftp
      test-kitchen (>= 1.0.0)
    libyajl2 (2.1.0)
    license-acceptance (1.0.19)
      pastel (~> 0.7)
      tomlrb (~> 1.2)
      tty-box (~> 0.3)
      tty-prompt (~> 0.18)
    little-plugger (1.1.4)
    lockfile (2.1.3)
    logging (2.3.1)
      little-plugger (~> 1.1)
      multi_json (~> 1.14)
    method_source (0.9.0)
    minitar (0.9)
    mixlib-archive (1.1.7)
      mixlib-log
    mixlib-authentication (2.1.1)
    mixlib-cli (2.1.8)
    mixlib-config (3.0.9)
      tomlrb
    mixlib-install (3.11.18)
      mixlib-shellout
      mixlib-versioning
      thor
    mixlib-log (3.0.9)
    mixlib-shellout (2.4.4)
    mixlib-versioning (1.2.7)
    molinillo (0.8.0)
    multi_json (1.15.0)
    multipart-post (2.1.1)
    net-scp (1.2.1)
      net-ssh (>= 2.6.5)
    net-sftp (2.1.2)
      net-ssh (>= 2.6.5)
    net-ssh (4.2.0)
    net-ssh-gateway (2.0.0)
      net-ssh (>= 4.0.0)
    net-ssh-multi (1.2.1)
      net-ssh (>= 2.6.5)
      net-ssh-gateway (>= 1.2.0)
    nori (2.6.0)
    octokit (4.23.0)
      faraday (>= 1, < 3)
      sawyer (~> 0.9)
    ohai (15.12.0)
      chef-config (>= 12.8, < 16)
      ffi (~> 1.9)
      ffi-yajl (~> 2.2)
      ipaddress
      mixlib-cli (>= 1.7.0)
      mixlib-config (>= 2.0, < 4.0)
      mixlib-log (>= 2.0.1, < 4.0)
      mixlib-shellout (>= 2.0, < 4.0)
      plist (~> 3.1)
      systemu (~> 2.6.4)
      wmi-lite (~> 1.0)
    parallel (1.12.1)
    parslet (1.8.1)
    pastel (0.8.0)
      tty-color (~> 0.5)
    plist (3.6.0)
    proxifier (1.0.3)
    pry (0.11.3)
      coderay (~> 1.1.0)
      method_source (~> 0.9.0)
    public_suffix (4.0.7)
    rack (2.2.3.1)
    retryable (2.0.4)
    rexml (3.2.5)
    rspec (3.11.0)
      rspec-core (~> 3.11.0)
      rspec-expectations (~> 3.11.0)
      rspec-mocks (~> 3.11.0)
    rspec-core (3.11.0)
      rspec-support (~> 3.11.0)
    rspec-expectations (3.11.0)
      diff-lcs (>= 1.2.0, < 2.0)
      rspec-support (~> 3.11.0)
    rspec-its (1.3.0)
      rspec-core (>= 3.0.0)
      rspec-expectations (>= 3.0.0)
    rspec-mocks (3.11.1)
      diff-lcs (>= 1.2.0, < 2.0)
      rspec-support (~> 3.11.0)
    rspec-support (3.11.0)
    ruby2_keywords (0.0.5)
    rubyntlm (0.6.3)
    rubyzip (1.3.0)
    sawyer (0.9.1)
      addressable (>= 2.3.5)
      faraday (>= 0.17.3, < 3)
    semverse (3.0.0)
    solve (4.0.4)
      molinillo (~> 0.6)
      semverse (>= 1.1, < 4.0)
    sslshake (1.2.0)
    strings (0.2.1)
      strings-ansi (~> 0.2)
      unicode-display_width (>= 1.5, < 3.0)
      unicode_utils (~> 1.4)
    strings-ansi (0.2.0)
    syslog-logger (1.6.8)
    systemu (2.6.5)
    test-kitchen (1.25.0)
      license-acceptance (~> 1.0, >= 1.0.11)
      mixlib-install (~> 3.6)
      mixlib-shellout (>= 1.2, < 3.0)
      net-scp (>= 1.1, < 3.0)
      net-ssh (>= 2.9, < 5.0)
      net-ssh-gateway (>= 1.2, < 3.0)
      thor (~> 0.19)
      winrm (~> 2.0)
      winrm-elevated (~> 1.0)
      winrm-fs (~> 1.1)
    thor (0.20.3)
    tomlrb (1.3.0)
    train (0.32.0)
      docker-api (~> 1.26)
      json (>= 1.8, < 3.0)
      mixlib-shellout (~> 2.0)
      net-scp (~> 1.2)
      net-ssh (>= 2.9, < 5.0)
      winrm (~> 2.0)
      winrm-fs (~> 1.0)
    train-core (2.1.19)
      json (>= 1.8, < 3.0)
      mixlib-shellout (>= 2.0, < 4.0)
      net-scp (>= 1.2, < 3.0)
      net-ssh (>= 2.9, < 6.0)
      winrm (~> 2.0)
      winrm-fs (~> 1.0)
    tty-box (0.7.0)
      pastel (~> 0.8)
      strings (~> 0.2.0)
      tty-cursor (~> 0.7)
    tty-color (0.6.0)
    tty-cursor (0.7.1)
    tty-prompt (0.23.1)
      pastel (~> 0.8)
      tty-reader (~> 0.8)
    tty-reader (0.9.0)
      tty-cursor (~> 0.7)
      tty-screen (~> 0.8)
      wisper (~> 2.0)
    tty-screen (0.8.1)
    unicode-display_width (2.1.0)
    unicode_utils (1.4.0)
    uuidtools (2.1.5)
    winrm (2.3.6)
      builder (>= 2.1.2)
      erubi (~> 1.8)
      gssapi (~> 1.2)
      gyoku (~> 1.0)
      httpclient (~> 2.2, >= 2.2.0.2)
      logging (>= 1.6.1, < 3.0)
      nori (~> 2.0)
      rubyntlm (~> 0.6.0, >= 0.6.3)
    winrm-elevated (1.1.1)
      winrm (~> 2.0)
      winrm-fs (~> 1.0)
    winrm-fs (1.3.3)
      erubi (~> 1.8)
      logging (>= 1.6.1, < 3.0)
      rubyzip (~> 1.1)
      winrm (~> 2.0)
    wisper (2.0.1)
    wmi-lite (1.0.7)

PLATFORMS
  ruby

DEPENDENCIES
  berkshelf
  chef (= 15.2.20)
  chefspec
  kitchen-docker
  kitchen-dokken
  kitchen-ec2
  kitchen-inspec
  kitchen-sync
  test-kitchen

RUBY VERSION
   ruby 2.5.0p0

BUNDLED WITH
   1.17.3
